PATH
  remote: .
  specs:
    navigable (0.1.0)
      hanami-router (= 2.0.0.alpha3)
      plural (~> 0.1)
      rack-bodyparser (~> 1.0)
      rspec (~> 3.0)
      thor (~> 1.0)

GEM
  remote: https://rubygems.org/
  specs:
    diff-lcs (1.3)
    docile (1.3.2)
    hanami-router (2.0.0.alpha3)
      mustermann (~> 1.0)
      mustermann-contrib (~> 1.0)
      rack (~> 2.0)
    hansi (0.2.0)
    mustermann (1.1.1)
      ruby2_keywords (~> 0.0.1)
    mustermann-contrib (1.1.1)
      hansi (~> 0.2.0)
      mustermann (= 1.1.1)
    plural (0.1.0)
    rack (2.2.2)
    rack-bodyparser (1.0.0)
      rack
    rack-test (1.1.0)
      rack (>= 1.0, < 3)
    rake (12.3.3)
    rspec (3.9.0)
      rspec-core (~> 3.9.0)
      rspec-expectations (~> 3.9.0)
      rspec-mocks (~> 3.9.0)
    rspec-core (3.9.2)
      rspec-support (~> 3.9.3)
    rspec-expectations (3.9.2)
      diff-lcs (>= 1.2.0, < 2.0)
      rspec-support (~> 3.9.0)
    rspec-mocks (3.9.1)
      diff-lcs (>= 1.2.0, < 2.0)
      rspec-support (~> 3.9.0)
    rspec-support (3.9.3)
    rspec_junit_formatter (0.4.1)
      rspec-core (>= 2, < 4, != 2.12.0)
    ruby2_keywords (0.0.2)
    simplecov (0.18.5)
      docile (~> 1.1)
      simplecov-html (~> 0.11)
    simplecov-html (0.12.2)
    thor (1.0.1)

PLATFORMS
  ruby

DEPENDENCIES
  bundler (~> 2.0)
  navigable!
  rack-test (~> 1.1)
  rake (~> 12.0)
  rspec_junit_formatter (~> 0.4)
  simplecov (~> 0.16)

BUNDLED WITH
   2.1.4
